GEM
  remote: https://rubygems.org/
  specs:
    crass (1.0.2)
    firebase (0.2.6)
      httpclient
      json
    httpclient (2.6.0.1)
    json (1.8.3)
    mini_portile (0.6.2)
    nokogiri (1.6.6.2)
      mini_portile (~> 0.6.0)
    nokogumbo (1.4.1)
      nokogiri
    rack (1.6.4)
    rack-protection (1.5.3)
      rack
    sanitize (4.0.0)
      crass (~> 1.0.2)
      nokogiri (>= 1.4.4)
      nokogumbo (= 1.4.1)
    sinatra (1.4.6)
      rack (~> 1.4)
      rack-protection (~> 1.4)
      tilt (>= 1.3, < 3)
    tilt (2.0.1)

PLATFORMS
  ruby

DEPENDENCIES
  firebase
  json
  sanitize
  sinatra
